#Licensed to the Apache Software Foundation (ASF) under one or more contributor
#license agreements.  See the NOTICE.txt file distributed with this work for
#additional information regarding copyright ownership.  The ASF licenses this
#file to you under the Apache License, Version 2.0 (the "License"); you may not
#use this file except in compliance with the License.  You may obtain a copy of
#the License at
#
#     http://www.apache.org/licenses/LICENSE-2.0
#
#Unless required by applicable law or agreed to in writing, software
#distributed under the License is distributed on an "AS IS" BASIS, WITHOUT
#WARRANTIES OR CONDITIONS OF ANY KIND, either express or implied.  See the
#License for the specific language governing permissions and limitations under
#the License.


PATH
  remote: .
  specs:
    ugc (0.9.9)
      command_line_reporter
      gli (>= 2.6)
      highline
      usergrid_iron (>= 0.9.1)

GEM
  remote: https://rubygems.org/
  specs:
    aruba (0.5.3)
      childprocess (>= 0.3.6)
      cucumber (>= 1.1.1)
      rspec-expectations (>= 2.7.0)
    builder (3.2.2)
    childprocess (0.3.9)
      ffi (~> 1.0, >= 1.0.11)
    colored (1.2)
    command_line_reporter (3.2.1)
      colored (>= 1.2)
    cucumber (1.3.8)
      builder (>= 2.1.2)
      diff-lcs (>= 1.1.3)
      gherkin (~> 2.12.1)
      multi_json (>= 1.7.5, < 2.0)
      multi_test (>= 0.0.2)
    diff-lcs (1.2.4)
    ffi (1.9.0)
    gherkin (2.12.1)
      multi_json (~> 1.3)
    gli (2.8.0)
    highline (1.6.19)
    json (1.8.0)
    mime-types (1.25)
    multi_json (1.8.0)
    multi_test (0.0.2)
    rake (10.1.0)
    rdoc (4.0.1)
      json (~> 1.4)
    rest-client (1.6.7)
      mime-types (>= 1.16)
    rspec-expectations (2.14.3)
      diff-lcs (>= 1.1.3, < 2.0)
    usergrid_iron (0.9.2)
      multi_json
      rest-client

PLATFORMS
  ruby

DEPENDENCIES
  aruba
  rake
  rdoc
  ugc!
